GEM
  remote: https://rubygems.org/
  specs:
    activemodel (5.2.3)
      activesupport (= 5.2.3)
    activemodel-serializers-xml (1.0.2)
      activemodel (> 5.x)
      activesupport (> 5.x)
      builder (~> 3.1)
    activerecord (5.2.3)
      activemodel (= 5.2.3)
      activesupport (= 5.2.3)
      arel (>= 9.0)
    activeresource (5.1.0)
      activemodel (>= 5.0, < 7)
      activemodel-serializers-xml (~> 1.0)
      activesupport (>= 5.0, < 7)
    activesupport (5.2.3)
      concurrent-ruby (~> 1.0, >= 1.0.2)
      i18n (>= 0.7, < 2)
      minitest (~> 5.1)
      tzinfo (~> 1.1)
    addressable (2.6.0)
      public_suffix (>= 2.0.2, < 4.0)
    arel (9.0.0)
    attr_encrypted (3.1.0)
      encryptor (~> 3.0.0)
    backports (3.15.0)
    builder (3.2.3)
    byebug (11.0.1)
    coffee-script (2.4.1)
      coffee-script-source
      execjs
    coffee-script-source (1.12.2)
    concurrent-ruby (1.1.5)
    encryptor (3.0.0)
    execjs (2.7.0)
    faraday (0.15.4)
      multipart-post (>= 1.2, < 3)
    ffi (1.11.1-x64-mingw32)
    foreman (0.85.0)
      thor (~> 0.19.1)
    graphql (1.9.7)
    graphql-client (0.14.0)
      activesupport (>= 3.0, < 6.0)
      graphql (~> 1.6)
    haml (5.1.1)
      temple (>= 0.8.0)
      tilt
    hashie (3.6.0)
    i18n (1.6.0)
      concurrent-ruby (~> 1.0)
    jwt (2.2.1)
    minitest (5.11.3)
    multi_json (1.13.1)
    multi_xml (0.6.0)
    multipart-post (2.1.1)
    mustermann (1.0.3)
    nio4r (2.4.0)
    oauth2 (1.4.1)
      faraday (>= 0.8, < 0.16.0)
      jwt (>= 1.0, < 3.0)
      multi_json (~> 1.3)
      multi_xml (~> 0.5)
      rack (>= 1.2, < 3)
    omniauth (1.9.0)
      hashie (>= 3.4.6, < 3.7.0)
      rack (>= 1.6.2, < 3)
    omniauth-oauth2 (1.5.0)
      oauth2 (~> 1.1)
      omniauth (~> 1.2)
    omniauth-shopify-oauth2 (2.1.0)
      activesupport
      omniauth-oauth2 (~> 1.5.0)
    pg (1.1.4-x64-mingw32)
    public_suffix (3.1.1)
    puma (4.0.1)
      nio4r (~> 2.0)
    rack (2.0.7)
    rack-flash3 (1.0.5)
      rack
    rack-protection (2.0.5)
      rack
    rake (12.3.2)
    rb-fsevent (0.10.3)
    rb-inotify (0.10.0)
      ffi (~> 1.0)
    sass (3.7.4)
      sass-listen (~> 4.0.0)
    sass-listen (4.0.0)
      rb-fsevent (~> 0.9, >= 0.9.4)
      rb-inotify (~> 0.9, >= 0.9.7)
    shopify-sinatra-app (0.8.0)
      activesupport
      attr_encrypted (~> 3.1.0)
      omniauth-shopify-oauth2
      rack-flash3 (~> 1.0.5)
      shopify_api (~> 7.0.1)
      sinatra (~> 2.0.2)
      sinatra-activerecord (~> 2.0.9)
    shopify_api (7.0.2)
      activeresource (>= 4.1.0, < 6.0.0)
      graphql-client
      rack
    sinatra (2.0.5)
      mustermann (~> 1.0)
      rack (~> 2.0)
      rack-protection (= 2.0.5)
      tilt (~> 2.0)
    sinatra-activerecord (2.0.13)
      activerecord (>= 3.2)
      sinatra (>= 1.0)
    sinatra-asset-pipeline (2.2.0)
      coffee-script (~> 2.4)
      rake (~> 12.3)
      sass (~> 3.5)
      sinatra (~> 2.0)
      sprockets (~> 3.7)
      sprockets-helpers (~> 1.2)
    sinatra-contrib (2.0.5)
      backports (>= 2.8.2)
      multi_json
      mustermann (~> 1.0)
      rack-protection (= 2.0.5)
      sinatra (= 2.0.5)
      tilt (>= 1.3, < 3)
    sinatra-cors (1.1.0)
    sprockets (3.7.2)
      concurrent-ruby (~> 1.0)
      rack (> 1, < 3)
    sprockets-helpers (1.2.1)
      sprockets (>= 2.2)
    sqlite3 (1.4.1)
    temple (0.8.1)
    thor (0.19.4)
    thread_safe (0.3.6)
    tilt (2.0.9)
    tzinfo (1.2.5)
      thread_safe (~> 0.1)

PLATFORMS
  x64-mingw32

DEPENDENCIES
  addressable (~> 2.6)
  byebug
  foreman
  haml (~> 5.1, >= 5.1.1)
  pg
  puma
  rack-flash3
  shopify-sinatra-app (~> 0.8.0)
  sinatra-activerecord (~> 2.0, >= 2.0.13)
  sinatra-asset-pipeline (~> 2.2)
  sinatra-contrib (~> 2.0, >= 2.0.5)
  sinatra-cors (~> 1.1)
  sqlite3

RUBY VERSION
   ruby 2.6.3p62

BUNDLED WITH
   2.0.1
